GEM
  remote: https://rubygems.org/
  specs:
    activesupport (6.0.3.2)
      concurrent-ruby (~> 1.0, >= 1.0.2)
      i18n (>= 0.7, < 2)
      minitest (~> 5.1)
      tzinfo (~> 1.1)
      zeitwerk (~> 2.2, >= 2.2.2)
    ansi (1.5.0)
    builder (3.2.4)
    coderay (1.1.3)
    concurrent-ruby (1.1.6)
    i18n (1.8.3)
      concurrent-ruby (~> 1.0)
    method_source (1.0.0)
    minitest (5.18.0)
    minitest-reporters (1.6.0)
      ansi
      builder
      minitest (>= 5.0)
      ruby-progressbar
    pry (0.13.1)
      coderay (~> 1.1)
      method_source (~> 1.0)
    rake (13.0.6)
    ruby-progressbar (1.13.0)
    thread_safe (0.3.6)
    tzinfo (1.2.7)
      thread_safe (~> 0.1)
    zeitwerk (2.4.0)

PLATFORMS
  mswin64
  ruby
  x64-mingw32

DEPENDENCIES
  activesupport (~> 6.0, >= 6.0.3.2)
  minitest (~> 5.18, >= 5.18.0)
  minitest-reporters (~> 1.6)
  pry (~> 0.13.1)
  rake (~> 13.0, >= 13.0.6)

BUNDLED WITH
   2.1.4
