GEM
  remote: https://rubygems.org/
  specs:
    activesupport (7.0.7)
      concurrent-ruby (~> 1.0, >= 1.0.2)
      i18n (>= 1.6, < 2)
      minitest (>= 5.1)
      tzinfo (~> 2.0)
    ansi (1.5.0)
    builder (3.2.4)
    coderay (1.1.3)
    concurrent-ruby (1.2.2)
    i18n (1.14.1)
      concurrent-ruby (~> 1.0)
    method_source (1.0.0)
    minitest (5.19.0)
    minitest-reporters (1.6.1)
      ansi
      builder
      minitest (>= 5.0)
      ruby-progressbar
    pry (0.14.2)
      coderay (~> 1.1)
      method_source (~> 1.0)
    rake (13.0.6)
    ruby-progressbar (1.13.0)
    tzinfo (2.0.6)
      concurrent-ruby (~> 1.0)

PLATFORMS
  aarch64-linux
  arm64-darwin
  mswin64
  ruby
  universal-darwin
  x64-mingw-ucrt
  x64-mingw32
  x86-mingw32
  x86_64-darwin
  x86_64-linux

DEPENDENCIES
  activesupport (~> 7.0, >= 7.0.7)
  minitest (~> 5.16, >= 5.16.3)
  minitest-reporters (~> 1.6)
  pry (~> 0.14.2)
  rake (~> 13.0, >= 13.0.6)

BUNDLED WITH
   2.4.10
